PATH
  remote: .
  specs:
    omniauth-alipay-oauth2 (0.2.0)
      alipay (~> 0.16.0)
      omniauth
      omniauth-oauth2

GEM
  remote: http://rubygems.org/
  specs:
    alipay (0.16.0)
    faraday (0.17.0)
      multipart-post (>= 1.2, < 3)
    hashie (3.6.0)
    jwt (1.5.6)
    multi_json (1.13.1)
    multi_xml (0.6.0)
    multipart-post (2.1.1)
    oauth2 (1.4.2)
      faraday (>= 0.8, < 2.0)
      jwt (>= 1.0, < 3.0)
      multi_json (~> 1.3)
      multi_xml (~> 0.5)
      rack (>= 1.2, < 3)
    omniauth (1.9.0)
      hashie (>= 3.4.6, < 3.7.0)
      rack (>= 1.6.2, < 3)
    omniauth-oauth2 (1.6.0)
      oauth2 (~> 1.1)
      omniauth (~> 1.9)
    rack (2.0.7)

PLATFORMS
  ruby

DEPENDENCIES
  omniauth-alipay-oauth2!

BUNDLED WITH
   2.0.2
